GIT
  remote: git://github.com/etc/nesta-plugin-maldini.git
  revision: 588932bdf17988d7f2fb3511eeaefdc71dc8f2eb
  specs:
    nesta-plugin-maldini (0.0.1)
      bibtex-ruby (>= 2.0.0)
      nesta (>= 0.9.11)

GIT
  remote: git://github.com/gma/nesta.git
  revision: 935b73d802898902ed9c562ad6b08a63d7694722
  specs:
    nesta (0.11.1)
      RedCloth (~> 4.2)
      haml (>= 3.1)
      haml-contrib (>= 1.0)
      rack (>= 1.3)
      rdiscount (~> 2.1)
      sass (>= 3.1)
      sinatra (~> 1.4)
      tilt (~> 1.4)

GIT
  remote: git://github.com/jtrupiano/rack-rewrite.git
  revision: 758860bc46bbd7e701121702990011caf61091f9
  specs:
    rack-rewrite (1.5.1)

GEM
  remote: http://rubygems.org/
  specs:
    RedCloth (4.3.2)
    bibtex-ruby (4.4.3)
      latex-decode (~> 0.0)
    daemons (1.2.4)
    eventmachine (1.2.2)
    haml (4.0.7)
      tilt
    haml-contrib (1.0.0.1)
      haml (>= 3.2.0.alpha.13)
    kramdown (1.13.2)
    latex-decode (0.2.2)
      unicode (~> 0.4)
    rack (1.6.5)
    rack-protection (1.5.3)
      rack
    rdiscount (2.2.0.1)
    sass (3.4.23)
    sinatra (1.4.8)
      rack (~> 1.5)
      rack-protection (~> 1.4)
      tilt (>= 1.3, < 3)
    thin (1.7.0)
      daemons (~> 1.0, >= 1.0.9)
      eventmachine (~> 1.0, >= 1.0.4)
      rack (>= 1, < 3)
    tilt (1.4.1)
    unicode (0.4.4.2)

PLATFORMS
  ruby

DEPENDENCIES
  kramdown (= 1.13.2)
  nesta!
  nesta-plugin-maldini!
  rack-rewrite!
  thin

RUBY VERSION
   ruby 2.3.3p222

BUNDLED WITH
   1.14.3
