GIT
  remote: https://github.com/etc/nesta-plugin-maldini.git
  revision: e5d6118e5039da1a58fb941ee7546ded605c82cf
  specs:
    nesta-plugin-maldini (0.0.1)
      bibtex-ruby (>= 2.0.0)
      nesta (>= 0.9.11)

GIT
  remote: https://github.com/gma/nesta.git
  revision: a1daefe650eeb178230376c62b025f9bda749738
  specs:
    nesta (0.18.0)
      RedCloth (~> 4.2)
      haml (>= 3.1, < 6.0)
      haml-contrib (>= 1.0)
      rack (~> 3)
      rake
      rdiscount (~> 2.1)
      sass-embedded (~> 1.58)
      sinatra (~> 4.0)
      tilt (~> 2.1)

GIT
  remote: https://github.com/jtrupiano/rack-rewrite.git
  revision: 758860bc46bbd7e701121702990011caf61091f9
  specs:
    rack-rewrite (1.5.1)

GEM
  remote: https://rubygems.org/
  specs:
    RedCloth (4.3.4)
    base64 (0.3.0)
    bibtex-ruby (6.2.0)
      latex-decode (~> 0.0)
      logger (~> 1.7)
      racc (~> 1.7)
    bigdecimal (3.3.0)
    google-protobuf (4.32.1-arm64-darwin)
      bigdecimal
      rake (>= 13)
    google-protobuf (4.32.1-x86_64-linux-gnu)
      bigdecimal
      rake (>= 13)
    haml (5.2.2)
      temple (>= 0.8.0)
      tilt
    haml-contrib (1.0.0.1)
      haml (>= 3.2.0.alpha.13)
    kramdown (2.5.1)
      rexml (>= 3.3.9)
    latex-decode (0.4.0)
    logger (1.7.0)
    mustermann (3.0.4)
      ruby2_keywords (~> 0.0.1)
    nio4r (2.7.4)
    puma (7.0.4)
      nio4r (~> 2.0)
    racc (1.8.1)
    rack (3.2.3)
    rack-protection (4.1.1)
      base64 (>= 0.1.0)
      logger (>= 1.6.0)
      rack (>= 3.0.0, < 4)
    rack-session (2.1.1)
      base64 (>= 0.1.0)
      rack (>= 3.0.0)
    rake (13.3.0)
    rdiscount (2.2.7.3)
    rexml (3.4.4)
    ruby2_keywords (0.0.5)
    sass-embedded (1.93.2-arm64-darwin)
      google-protobuf (~> 4.31)
    sass-embedded (1.93.2-x86_64-linux-gnu)
      google-protobuf (~> 4.31)
    sinatra (4.1.1)
      logger (>= 1.6.0)
      mustermann (~> 3.0)
      rack (>= 3.0.0, < 4)
      rack-protection (= 4.1.1)
      rack-session (>= 2.0.0, < 3)
      tilt (~> 2.0)
    temple (0.10.4)
    tilt (2.4.0)

PLATFORMS
  arm64-darwin-22
  arm64-darwin-23
  x86_64-linux

DEPENDENCIES
  kramdown
  nesta!
  nesta-plugin-maldini!
  puma
  racc
  rack-rewrite!
  tilt (= 2.4.0)

RUBY VERSION
   ruby 3.4.4p34

BUNDLED WITH
   2.6.9
