GIT
  remote: git://github.com/etc/nesta-plugin-maldini.git
  revision: 6d8ff8fcb19dce0a446dbee7a5bbfeca40100e5d
  specs:
    nesta-plugin-maldini (0.0.1)
      bibtex-ruby (>= 2.0.0)
      nesta (>= 0.9.11)

GIT
  remote: git://github.com/gma/nesta.git
  revision: 6baf3dec430595a55fa69cd3516582a5d912a393
  specs:
    nesta (0.9.11)
      RedCloth (~> 4.2)
      haml (~> 3.1)
      rdiscount (~> 1.6)
      sass (~> 3.1)
      shotgun (>= 0.8)
      sinatra (= 1.2.6)

GEM
  remote: http://rubygems.org/
  specs:
    RedCloth (4.2.8)
    bibtex-ruby (2.0.0)
      latex-decode (>= 0.0.3)
      multi_json (~> 1.0)
    haml (3.1.3)
    kramdown (0.13.3)
    latex-decode (0.0.3)
      unicode (>= 0.4)
    multi_json (1.0.3)
    rack (1.3.4)
    rdiscount (1.6.8)
    sass (3.1.8)
    shotgun (0.9)
      rack (>= 1.0)
    sinatra (1.2.6)
      rack (~> 1.1)
      tilt (< 2.0, >= 1.2.2)
    tilt (1.3.3)
    unicode (0.4.0)

PLATFORMS
  ruby

DEPENDENCIES
  kramdown (= 0.13.3)
  nesta!
  nesta-plugin-maldini!
