GIT
  remote: git://github.com/etc/nesta-plugin-maldini.git
  revision: 637053324588902b13f450e0ef5de834f1e86dbc
  specs:
    nesta-plugin-maldini (0.0.1)
      bibtex-ruby (>= 1.3.12)
      nesta (>= 0.9.10)

GIT
  remote: git://github.com/gma/nesta.git
  revision: b1ee99f1990e9a970ff1a116930e43e2328f535e
  specs:
    nesta (0.9.10)
      RedCloth (~> 4.2)
      haml (~> 3.1)
      redcarpet (~> 1.17)
      sass (~> 3.1)
      shotgun (>= 0.8)
      sinatra (= 1.2.6)

GEM
  remote: http://rubygems.org/
  specs:
    RedCloth (4.2.8)
    bibtex-ruby (1.3.12)
      latex-decode (>= 0.0.3)
      multi_json (~> 1.0)
    haml (3.1.3)
    kramdown (0.13.3)
    latex-decode (0.0.3)
      unicode (>= 0.4)
    multi_json (1.0.3)
    rack (1.3.3)
    rdiscount (1.6.8)
    redcarpet (1.17.2)
    sass (3.1.7)
    shotgun (0.9)
      rack (>= 1.0)
    sinatra (1.2.6)
      rack (~> 1.1)
      tilt (< 2.0, >= 1.2.2)
    tilt (1.3.3)
    unicode (0.4.0)

PLATFORMS
  ruby

DEPENDENCIES
  kramdown (= 0.13.3)
  nesta!
  nesta-plugin-maldini!
  rdiscount (~> 1.6.8)
