GIT
  remote: git://github.com/etc/nesta-plugin-maldini.git
  revision: cdb81ce6cade77f258bd6bac527b4214d9a54091
  specs:
    nesta-plugin-maldini (0.0.1)
      bibtex-ruby (>= 1.3.12)
      nesta (>= 0.9.11)

GEM
  remote: http://rubygems.org/
  specs:
    RedCloth (4.2.8)
    bibtex-ruby (2.0.0)
      latex-decode (>= 0.0.3)
      multi_json (~> 1.0)
    haml (3.1.3)
    kramdown (0.13.3)
    latex-decode (0.0.3)
      unicode (>= 0.4)
    multi_json (1.0.3)
    nesta (0.9.11)
      RedCloth (~> 4.2)
      haml (~> 3.1)
      rdiscount (~> 1.6)
      sass (~> 3.1)
      shotgun (>= 0.8)
      sinatra (= 1.2.6)
    rack (1.3.3)
    rdiscount (1.6.8)
    sass (3.1.7)
    shotgun (0.9)
      rack (>= 1.0)
    sinatra (1.2.6)
      rack (~> 1.1)
      tilt (< 2.0, >= 1.2.2)
    tilt (1.3.3)
    unicode (0.4.0)

PLATFORMS
  ruby

DEPENDENCIES
  kramdown (= 0.13.3)
  nesta (= 0.9.11)
  nesta-plugin-maldini!
  rdiscount (~> 1.6.8)
