GIT
  remote: https://github.com/etc/nesta-plugin-maldini.git
  revision: e5d6118e5039da1a58fb941ee7546ded605c82cf
  specs:
    nesta-plugin-maldini (0.0.1)
      bibtex-ruby (>= 2.0.0)
      nesta (>= 0.9.11)

GIT
  remote: https://github.com/gma/nesta.git
  revision: 745281e19b2a8937ff1557659022ec9a013bab4b
  specs:
    nesta (0.16.0)
      RedCloth (~> 4.2)
      haml (>= 3.1, < 6.0)
      haml-contrib (>= 1.0)
      rack (~> 2)
      rake
      rdiscount (~> 2.1)
      sass-embedded (~> 1.58)
      sinatra (~> 3.1)
      tilt (~> 2.1)

GIT
  remote: https://github.com/jtrupiano/rack-rewrite.git
  revision: 758860bc46bbd7e701121702990011caf61091f9
  specs:
    rack-rewrite (1.5.1)

GEM
  remote: https://rubygems.org/
  specs:
    RedCloth (4.3.4)
    base64 (0.2.0)
    bibtex-ruby (6.1.0)
      latex-decode (~> 0.0)
      racc (~> 1.7)
    bigdecimal (3.1.8)
    daemons (1.4.1)
    eventmachine (1.2.7)
    google-protobuf (4.28.3-arm64-darwin)
      bigdecimal
      rake (>= 13)
    haml (5.2.2)
      temple (>= 0.8.0)
      tilt
    haml-contrib (1.0.0.1)
      haml (>= 3.2.0.alpha.13)
    kramdown (2.4.0)
      rexml
    latex-decode (0.4.0)
    mustermann (3.0.3)
      ruby2_keywords (~> 0.0.1)
    racc (1.8.1)
    rack (2.2.10)
    rack-protection (3.2.0)
      base64 (>= 0.1.0)
      rack (~> 2.2, >= 2.2.4)
    rake (13.2.1)
    rdiscount (2.2.7.3)
    rexml (3.3.9)
    ruby2_keywords (0.0.5)
    sass-embedded (1.80.4-arm64-darwin)
      google-protobuf (~> 4.28)
    sinatra (3.2.0)
      mustermann (~> 3.0)
      rack (~> 2.2, >= 2.2.4)
      rack-protection (= 3.2.0)
      tilt (~> 2.0)
    temple (0.10.3)
    thin (1.8.2)
      daemons (~> 1.0, >= 1.0.9)
      eventmachine (~> 1.0, >= 1.0.4)
      rack (>= 1, < 3)
    tilt (2.4.0)

PLATFORMS
  arm64-darwin-22
  arm64-darwin-23

DEPENDENCIES
  kramdown (= 2.4.0)
  nesta!
  nesta-plugin-maldini!
  racc
  rack-rewrite!
  thin

RUBY VERSION
   ruby 3.3.4p94

BUNDLED WITH
   2.5.11
