GIT
  remote: git://github.com/etc/nesta-plugin-maldini.git
  revision: a88dce81ff11184b7815660fa8f108b53d9b1cde
  specs:
    nesta-plugin-maldini (0.0.1)
      bibtex-ruby (>= 2.0.0)
      nesta (>= 0.9.11)

GIT
  remote: git://github.com/gma/nesta.git
  revision: 7d6159852a6d995d0c852947372e6fa3fd5d03b3
  specs:
    nesta (0.9.13)
      RedCloth (~> 4.2)
      haml (~> 3.1)
      rack (~> 1.3)
      rdiscount (~> 1.6)
      sass (~> 3.1)
      shotgun (>= 0.8)
      sinatra (~> 1.3)

GEM
  remote: http://rubygems.org/
  specs:
    RedCloth (4.2.9)
    bibtex-ruby (2.0.12)
      latex-decode (>= 0.0.6)
      multi_json (~> 1.3)
    haml (3.1.7)
    kramdown (0.13.3)
    latex-decode (0.0.12)
      unicode (~> 0.4)
    multi_json (1.3.6)
    rack (1.4.1)
    rack-protection (1.2.0)
      rack
    rdiscount (1.6.8)
    sass (3.2.1)
    shotgun (0.9)
      rack (>= 1.0)
    sinatra (1.3.3)
      rack (~> 1.3, >= 1.3.6)
      rack-protection (~> 1.2)
      tilt (~> 1.3, >= 1.3.3)
    tilt (1.3.3)
    unicode (0.4.3)

PLATFORMS
  ruby

DEPENDENCIES
  kramdown (= 0.13.3)
  nesta!
  nesta-plugin-maldini!
