GEM
  remote: http://rubygems.org/
  specs:
    RedCloth (4.2.8)
    haml (3.1.3)
    maruku (0.6.0)
      syntax (>= 1.0.0)
    nesta (0.9.10)
      RedCloth (~> 4.2)
      haml (~> 3.1)
      maruku (>= 0.6.0)
      sass (~> 3.1)
      shotgun (>= 0.8)
      sinatra (= 1.2.6)
    rack (1.3.2)
    sass (3.1.7)
    shotgun (0.9)
      rack (>= 1.0)
    sinatra (1.2.6)
      rack (~> 1.1)
      tilt (>= 1.2.2, < 2.0)
    syntax (1.0.0)
    tilt (1.3.3)

PLATFORMS
  ruby

DEPENDENCIES
  nesta (= 0.9.10)
