GIT
  remote: https://github.com/etc/nesta-plugin-maldini.git
  revision: e5d6118e5039da1a58fb941ee7546ded605c82cf
  specs:
    nesta-plugin-maldini (0.0.1)
      bibtex-ruby (>= 2.0.0)
      nesta (>= 0.9.11)

GIT
  remote: https://github.com/gma/nesta.git
  revision: aed57a7752da913be13eee72694de77f0a343306
  specs:
    nesta (0.12.0)
      RedCloth (~> 4.2)
      haml (>= 3.1)
      haml-contrib (>= 1.0)
      rack (~> 2.0)
      rdiscount (~> 2.1)
      sassc (>= 2.2)
      sinatra (~> 2.0)
      tilt (~> 2.0)

GIT
  remote: https://github.com/jtrupiano/rack-rewrite.git
  revision: 758860bc46bbd7e701121702990011caf61091f9
  specs:
    rack-rewrite (1.5.1)

GEM
  remote: https://rubygems.org/
  specs:
    RedCloth (4.3.2)
    bibtex-ruby (5.1.5)
      latex-decode (~> 0.0)
    daemons (1.3.1)
    eventmachine (1.2.7)
    ffi (1.13.1)
    haml (5.2.0)
      temple (>= 0.8.0)
      tilt
    haml-contrib (1.0.0.1)
      haml (>= 3.2.0.alpha.13)
    kramdown (2.3.1)
      rexml
    latex-decode (0.3.2)
    mustermann (1.1.1)
      ruby2_keywords (~> 0.0.1)
    rack (2.2.3)
    rack-protection (2.1.0)
      rack
    rdiscount (2.2.0.2)
    rexml (3.2.4)
    ruby2_keywords (0.0.2)
    sassc (2.4.0)
      ffi (~> 1.9)
    sinatra (2.1.0)
      mustermann (~> 1.0)
      rack (~> 2.2)
      rack-protection (= 2.1.0)
      tilt (~> 2.0)
    temple (0.8.2)
    thin (1.8.0)
      daemons (~> 1.0, >= 1.0.9)
      eventmachine (~> 1.0, >= 1.0.4)
      rack (>= 1, < 3)
    tilt (2.0.10)

PLATFORMS
  ruby

DEPENDENCIES
  kramdown (= 2.3.1)
  nesta!
  nesta-plugin-maldini!
  rack-rewrite!
  thin

RUBY VERSION
   ruby 2.7.2p137

BUNDLED WITH
   2.1.4
