GIT
  remote: https://github.com/etc/nesta-plugin-maldini.git
  revision: e5d6118e5039da1a58fb941ee7546ded605c82cf
  specs:
    nesta-plugin-maldini (0.0.1)
      bibtex-ruby (>= 2.0.0)
      nesta (>= 0.9.11)

GIT
  remote: https://github.com/gma/nesta.git
  revision: dd26f303ab0c214c854535e8f137a85d483391ea
  specs:
    nesta (0.15.0)
      RedCloth (~> 4.2)
      haml (>= 3.1, < 6.0)
      haml-contrib (>= 1.0)
      rack (~> 2)
      rake
      rdiscount (~> 2.1)
      sass-embedded (~> 1.58)
      sinatra (~> 3.1)
      tilt (~> 2.1)

GIT
  remote: https://github.com/jtrupiano/rack-rewrite.git
  revision: 758860bc46bbd7e701121702990011caf61091f9
  specs:
    rack-rewrite (1.5.1)

GEM
  remote: https://rubygems.org/
  specs:
    RedCloth (4.3.3)
    base64 (0.2.0)
    bibtex-ruby (6.1.0)
      latex-decode (~> 0.0)
      racc (~> 1.7)
    daemons (1.4.1)
    eventmachine (1.2.7)
    google-protobuf (3.25.3-arm64-darwin)
    google-protobuf (3.25.3-x86_64-linux)
    haml (5.2.2)
      temple (>= 0.8.0)
      tilt
    haml-contrib (1.0.0.1)
      haml (>= 3.2.0.alpha.13)
    kramdown (2.4.0)
      rexml
    latex-decode (0.4.0)
    mustermann (3.0.0)
      ruby2_keywords (~> 0.0.1)
    racc (1.7.3)
    rack (2.2.8.1)
    rack-protection (3.2.0)
      base64 (>= 0.1.0)
      rack (~> 2.2, >= 2.2.4)
    rake (13.1.0)
    rdiscount (2.2.7.3)
    rexml (3.2.8)
      strscan (>= 3.0.9)
    ruby2_keywords (0.0.5)
    sass-embedded (1.71.1-arm64-darwin)
      google-protobuf (~> 3.25)
    sass-embedded (1.71.1-x86_64-linux-gnu)
      google-protobuf (~> 3.25)
    sinatra (3.2.0)
      mustermann (~> 3.0)
      rack (~> 2.2, >= 2.2.4)
      rack-protection (= 3.2.0)
      tilt (~> 2.0)
    strscan (3.1.0)
    temple (0.10.3)
    thin (1.8.2)
      daemons (~> 1.0, >= 1.0.9)
      eventmachine (~> 1.0, >= 1.0.4)
      rack (>= 1, < 3)
    tilt (2.3.0)

PLATFORMS
  arm64-darwin-22
  x86_64-linux

DEPENDENCIES
  kramdown (= 2.4.0)
  nesta!
  nesta-plugin-maldini!
  racc
  rack-rewrite!
  thin

RUBY VERSION
   ruby 3.3.0p0

BUNDLED WITH
   2.5.3
