GIT
  remote: git://github.com/gma/nesta.git
  revision: 69a6bce21c648e97f3896e903b86c10a82a61365
  specs:
    nesta (0.9.10)
      RedCloth (~> 4.2)
      haml (~> 3.1)
      redcarpet (~> 1.17)
      sass (~> 3.1)
      shotgun (>= 0.8)
      sinatra (= 1.2.6)

GEM
  remote: http://rubygems.org/
  specs:
    RedCloth (4.2.8)
    haml (3.1.3)
    kramdown (0.13.3)
    rack (1.3.2)
    redcarpet (1.17.2)
    sass (3.1.7)
    shotgun (0.9)
      rack (>= 1.0)
    sinatra (1.2.6)
      rack (~> 1.1)
      tilt (< 2.0, >= 1.2.2)
    tilt (1.3.3)

PLATFORMS
  ruby

DEPENDENCIES
  kramdown (= 0.13.3)
  nesta!
