GIT
  remote: https://github.com/etc/nesta-plugin-maldini.git
  revision: 588932bdf17988d7f2fb3511eeaefdc71dc8f2eb
  specs:
    nesta-plugin-maldini (0.0.1)
      bibtex-ruby (>= 2.0.0)
      nesta (>= 0.9.11)

GIT
  remote: https://github.com/gma/nesta.git
  revision: 03604b6a53ef1aaaa46466e83be39d87c1ff92ee
  specs:
    nesta (0.11.1)
      RedCloth (~> 4.2)
      haml (>= 3.1)
      haml-contrib (>= 1.0)
      rack (>= 1.3)
      rdiscount (~> 2.1)
      sassc (>= 2.2)
      sinatra (~> 1.4)
      tilt (~> 2.0)

GIT
  remote: https://github.com/jtrupiano/rack-rewrite.git
  revision: 758860bc46bbd7e701121702990011caf61091f9
  specs:
    rack-rewrite (1.5.1)

GEM
  remote: https://rubygems.org/
  specs:
    RedCloth (4.3.2)
    bibtex-ruby (5.1.3)
      latex-decode (~> 0.0)
    daemons (1.3.1)
    eventmachine (1.2.7)
    ffi (1.12.2)
    haml (5.1.2)
      temple (>= 0.8.0)
      tilt
    haml-contrib (1.0.0.1)
      haml (>= 3.2.0.alpha.13)
    kramdown (1.13.2)
    latex-decode (0.3.1)
    rack (1.6.13)
    rack-protection (1.5.5)
      rack
    rdiscount (2.2.0.1)
    sassc (2.2.1)
      ffi (~> 1.9)
    sinatra (1.4.8)
      rack (~> 1.5)
      rack-protection (~> 1.4)
      tilt (>= 1.3, < 3)
    temple (0.8.2)
    thin (1.7.2)
      daemons (~> 1.0, >= 1.0.9)
      eventmachine (~> 1.0, >= 1.0.4)
      rack (>= 1, < 3)
    tilt (2.0.10)

PLATFORMS
  ruby

DEPENDENCIES
  kramdown (= 1.13.2)
  nesta!
  nesta-plugin-maldini!
  rack-rewrite!
  thin

RUBY VERSION
   ruby 2.7.0p0

BUNDLED WITH
   2.1.4
