GIT
  remote: git://github.com/gma/nesta.git
  revision: 57c0e293aad0aa7cb930a46ccdd318bd5e5cfcee
  specs:
    nesta (0.9.5)
      RedCloth (~> 4.2)
      haml (~> 3.1)
      maruku (>= 0.6.0)
      sass (~> 3.1)
      shotgun (>= 0.8)
      sinatra (= 1.1.2)

GEM
  remote: http://rubygems.org/
  specs:
    RedCloth (4.2.7)
    haml (3.1.2)
    maruku (0.6.0)
      syntax (>= 1.0.0)
    rack (1.3.1)
    sass (3.1.4)
    shotgun (0.9)
      rack (>= 1.0)
    sinatra (1.1.2)
      rack (~> 1.1)
      tilt (~> 1.2)
    syntax (1.0.0)
    tilt (1.3.2)

PLATFORMS
  ruby

DEPENDENCIES
  nesta!
